PATH
  remote: .
  specs:
    rqrcode-rails3-nmsu (0.1.0)

GEM
  remote: https://rubygems.org/
  specs:
    rake (13.0.6)

PLATFORMS
  x86_64-linux

DEPENDENCIES
  rake (~> 13.0)
  rqrcode-rails3-nmsu!

BUNDLED WITH
   2.3.10
